GIT
  remote: https://github.com/ffi/ffi-compiler/
  revision: 854a92ccf5ada8e894e0a02f61aca1a8f335cf04
  specs:
    ffi-compiler (0.1.3)
      ffi (>= 1.0.0)
      rake

PATH
  remote: .
  specs:
    game_spy (0.1.0)
      ffi (~> 1.9.10)
      rake (~> 10.0)

GEM
  remote: https://rubygems.org/
  specs:
    byebug (8.2.5)
    diff-lcs (1.2.5)
    ffi (1.9.10)
    rake (10.5.0)
    rspec (3.4.0)
      rspec-core (~> 3.4.0)
      rspec-expectations (~> 3.4.0)
      rspec-mocks (~> 3.4.0)
    rspec-core (3.4.4)
      rspec-support (~> 3.4.0)
    rspec-expectations (3.4.0)
      diff-lcs (>= 1.2.0, < 2.0)
      rspec-support (~> 3.4.0)
    rspec-mocks (3.4.1)
      diff-lcs (>= 1.2.0, < 2.0)
      rspec-support (~> 3.4.0)
    rspec-support (3.4.1)

PLATFORMS
  ruby

DEPENDENCIES
  bundler (~> 1.12)
  byebug
  ffi-compiler!
  game_spy!
  rspec (~> 3.4.0)

BUNDLED WITH
   1.12.4
